GIT
  remote: https://github.com/10Pines/json_client.git
  revision: e4cece6561de3a3be56b4b9f8ed0d67cf859f541
  specs:
    json_client (0.0.1)

PATH
  remote: .
  specs:
    artisan_client (0.0.1)

GEM
  remote: https://rubygems.org/
  specs:
    diff-lcs (1.2.4)
    multi_json (1.7.7)
    rake (10.1.0)
    rspec (2.14.1)
      rspec-core (~> 2.14.0)
      rspec-expectations (~> 2.14.0)
      rspec-mocks (~> 2.14.0)
    rspec-core (2.14.3)
    rspec-expectations (2.14.0)
      diff-lcs (>= 1.1.3, < 2.0)
    rspec-mocks (2.14.1)
    simplecov (0.7.1)
      multi_json (~> 1.0)
      simplecov-html (~> 0.7.1)
    simplecov-html (0.7.1)

PLATFORMS
  ruby

DEPENDENCIES
  artisan_client!
  bundler (~> 1.3)
  json_client!
  rake
  rspec
  simplecov
